GEM
  remote: https://rubygems.org/
  specs:
    camel_snake (0.9.1)
    citrus (3.0.2)
    diff-lcs (1.2.5)
    mail (2.6.4)
      mime-types (>= 1.16, < 4)
    mime-types (3.0)
      mime-types-data (~> 3.2015)
    mime-types-data (3.2016.0221)
    rack (1.6.4)
    rack-protection (1.5.3)
      rack
    rake (11.1.2)
    rspec (3.4.0)
      rspec-core (~> 3.4.0)
      rspec-expectations (~> 3.4.0)
      rspec-mocks (~> 3.4.0)
    rspec-core (3.4.4)
      rspec-support (~> 3.4.0)
    rspec-expectations (3.4.0)
      diff-lcs (>= 1.2.0, < 2.0)
      rspec-support (~> 3.4.0)
    rspec-mocks (3.4.1)
      diff-lcs (>= 1.2.0, < 2.0)
      rspec-support (~> 3.4.0)
    rspec-support (3.4.1)
    sequel (4.33.0)
    sinatra (1.4.7)
      rack (~> 1.5)
      rack-protection (~> 1.4)
      tilt (>= 1.3, < 3)
    sqlite3 (1.3.11)
    stdlogger (0.3.0)
    tilt (2.0.2)
    toml-rb (0.3.12)
      citrus (~> 3.0, > 3.0)

PLATFORMS
  ruby

DEPENDENCIES
  camel_snake (~> 0.9)
  mail (~> 2.6)
  rake (~> 11.1)
  rspec (~> 3.4)
  sequel (~> 4.32)
  sinatra (~> 1.4)
  sqlite3 (~> 1.3, >= 1.3.11)
  stdlogger (~> 0.3)
  toml-rb

BUNDLED WITH
   1.12.1
